GEM
  remote: http://rubygems.org/
  specs:
    eventmachine (0.12.10)
    json (2.3.0)
    log4r (1.1.9)
    sys-uname (0.8.6)

PLATFORMS
  ruby

DEPENDENCIES
  eventmachine
  json
  log4r
  sys-uname
